GEM
  specs:
    ruby-fann (1.2.6)

PLATFORMS
  ruby

DEPENDENCIES
  ruby-fann
